GEM
  remote: http://rubygems.org/
  specs:
    mini_magick (3.3)
      subexec (~> 0.1.0)
    rack (1.3.1)
    sinatra (1.2.6)
      rack (~> 1.1)
      tilt (< 2.0, >= 1.2.2)
    subexec (0.1.0)
    tilt (1.3.2)

PLATFORMS
  ruby

DEPENDENCIES
  mini_magick
  sinatra
